PATH
  remote: .
  specs:
    bcast_file_transfer (0.1.0)
      mail (~> 2.7.0)
      rsync (~> 1.0.9)

GEM
  remote: https://rubygems.org/
  specs:
    ast (2.3.0)
    mail (2.7.0)
      mini_mime (>= 0.1.1)
    mini_mime (1.0.0)
    minitest (5.4.3)
    parallel (1.12.1)
    parser (2.4.0.2)
      ast (~> 2.3)
    powerpack (0.1.1)
    rainbow (3.0.0)
    rake (10.4.2)
    rsync (1.0.9)
    rubocop (0.52.1)
      parallel (~> 1.10)
      parser (>= 2.4.0.2, < 3.0)
      powerpack (~> 0.1)
      rainbow (>= 2.2.2, < 4.0)
      ruby-progressbar (~> 1.7)
      unicode-display_width (~> 1.0, >= 1.0.1)
    ruby-progressbar (1.9.0)
    unicode-display_width (1.3.0)

PLATFORMS
  ruby

DEPENDENCIES
  bcast_file_transfer!
  bundler (~> 1.16)
  minitest (~> 5.0)
  rake (~> 10.0)
  rubocop (~> 0.52.1)

BUNDLED WITH
   1.16.1
